GEM
  remote: https://rubygems.org/
  specs:
    chalk (0.0.2)
    json (1.8.6)
    mini_portile2 (2.1.0)
    nokogiri (1.7.0)
      mini_portile2 (~> 2.1.0)
    rake (12.0.0)
    rdoc (2.5.11)
    rdoc-data (2.5)
      rdoc (~> 2.5)

PLATFORMS
  ruby

DEPENDENCIES
  chalk (~> 0.0.2)
  json (~> 1.8.1)
  nokogiri (= 1.7.0)
  rake (= 12.0)
  rdoc (~> 2.0)
  rdoc-data (= 2.5)

BUNDLED WITH
   2.1.4
